GEM
  remote: https://rubygems.org/
  specs:
    colorize (0.8.1)
    remedy (0.3.0)

PLATFORMS
  x86_64-linux

DEPENDENCIES
  colorize
  remedy

BUNDLED WITH
   2.2.32
